PATH
  remote: .
  specs:
    showoff (0.7.1)
      cake
      gli (>= 1.3.2)
      json
      nokogiri
      parslet
      redcarpet
      sinatra (~> 1.3)

GEM
  remote: http://rubygems.org/
  specs:
    Ascii85 (1.0.1)
    ansi (1.4.1)
    blankslate (2.1.2.4)
    cake (0.6.3)
    gli (1.3.7)
    json (1.6.3)
    mg (0.0.8)
      rake
    nokogiri (1.5.0)
    parslet (1.2.3)
      blankslate (~> 2.0)
    pdf-inspector (1.0.1)
      pdf-reader (>= 0.9.0)
    pdf-reader (0.10.1)
      Ascii85 (~> 1.0.0)
    pdfkit (0.5.2)
    rack (1.3.5)
    rack-protection (1.1.4)
      rack
    rack-test (0.6.1)
      rack (>= 1.0)
    rake (0.9.2.2)
    redcarpet (1.17.2)
    rmagick (2.13.1)
    sinatra (1.3.1)
      rack (~> 1.3, >= 1.3.4)
      rack-protection (~> 1.1, >= 1.1.2)
      tilt (~> 1.3, >= 1.3.3)
    tilt (1.3.3)
    turn (0.8.3)
      ansi

PLATFORMS
  ruby

DEPENDENCIES
  mg
  pdf-inspector
  pdfkit
  rack-test
  rmagick
  showoff!
  turn
